PATH
  remote: .
  specs:
    ansible-viz (0.1.0)
      mustache (~> 0.99.4)
      rake
      word_wrap

GEM
  remote: https://rubygems.org/
  specs:
    ansi (1.5.0)
    builder (3.2.3)
    coderay (1.1.2)
    diff-lcs (1.3)
    docile (1.1.5)
    json (2.1.0)
    method_source (0.9.0)
    minitest (5.11.3)
    minitest-reporters (1.1.19)
      ansi
      builder
      minitest (>= 5.0)
      ruby-progressbar
    mustache (0.99.8)
    pry (0.11.3)
      coderay (~> 1.1.0)
      method_source (~> 0.9.0)
    rake (12.3.0)
    rspec (3.7.0)
      rspec-core (~> 3.7.0)
      rspec-expectations (~> 3.7.0)
      rspec-mocks (~> 3.7.0)
    rspec-core (3.7.1)
      rspec-support (~> 3.7.0)
    rspec-expectations (3.7.0)
      diff-lcs (>= 1.2.0, < 2.0)
      rspec-support (~> 3.7.0)
    rspec-mocks (3.7.0)
      diff-lcs (>= 1.2.0, < 2.0)
      rspec-support (~> 3.7.0)
    rspec-support (3.7.1)
    ruby-progressbar (1.9.0)
    simplecov (0.15.1)
      docile (~> 1.1.0)
      json (>= 1.8, < 3)
      simplecov-html (~> 0.10.0)
    simplecov-html (0.10.2)
    word_wrap (1.0.0)

PLATFORMS
  ruby

DEPENDENCIES
  ansible-viz!
  minitest (~> 5.0)
  minitest-reporters
  pry
  rspec (~> 3.7)
  simplecov

BUNDLED WITH
   1.16.1
